GEM
  remote: https://rubygems.org/
  specs:
    narray (0.6.1.1)
    rack (1.6.0)
    rack-protection (1.5.3)
      rack
    rb-gsl (1.16.0.4)
      narray (>= 0.5.9)
    shotgun (0.9)
      rack (>= 1.0)
    sinatra (1.4.5)
      rack (~> 1.4)
      rack-protection (~> 1.4)
      tilt (~> 1.3, >= 1.3.4)
    tilt (1.4.1)

PLATFORMS
  ruby

DEPENDENCIES
  rb-gsl (~> 1.16.0.4)
  shotgun (~> 0.9)
  sinatra (~> 1.4.5)
